GEM
  remote: https://rubygems.org/
  specs:
    daemons (1.2.4)

PLATFORMS
  ruby

DEPENDENCIES
  daemons

BUNDLED WITH
   1.13.1
